GEM
  remote: https://rubygems.org/
  specs:
    coderay (1.1.2)
    method_source (0.9.0)
    parslet (1.8.1)
    pry (0.11.3)
      coderay (~> 1.1.0)
      method_source (~> 0.9.0)
    thor (0.20.0)
    toml (0.2.0)
      parslet (~> 1.8.0)

PLATFORMS
  ruby

DEPENDENCIES
  pry
  thor
  toml

BUNDLED WITH
   1.16.1
